GEM
  remote: http://rubygems.org/
  specs:
    bson (1.12.5)
    bson_ext (1.12.5)
      bson (~> 1.12.5)
    foreman (0.82.0)
      thor (~> 0.19.1)
    json (2.0.2)
    mongo (1.12.5)
      bson (= 1.12.5)
    newrelic_plugin (1.3.1)
      json
    thor (0.19.1)

PLATFORMS
  ruby

DEPENDENCIES
  bson_ext
  foreman
  mongo
  newrelic_plugin

BUNDLED WITH
   1.11.2
